GEM
  remote: https://rubygems.org/
  specs:
    awesome_print (1.6.1)
    byebug (5.0.0)
      columnize (= 0.9.0)
    columnize (0.9.0)

PLATFORMS
  ruby

DEPENDENCIES
  awesome_print
  byebug

BUNDLED WITH
   1.10.2
